GEM
  remote: https://rubygems.org/
  specs:
    activesupport (4.2.11.3)
      i18n (~> 0.7)
      minitest (~> 5.1)
      thread_safe (~> 0.3, >= 0.3.4)
      tzinfo (~> 1.1)
    addressable (2.4.0)
    ansi (1.5.0)
    artii (2.1.2)
    ast (2.4.2)
    awesome_print (1.9.2)
    backports (3.23.0)
    beaker (4.6.0)
      beaker-hostgenerator
      hocon (~> 1.0)
      in-parallel (~> 0.1)
      inifile (~> 3.0)
      minitar (~> 0.6)
      minitest (~> 5.4)
      net-scp (~> 1.2)
      net-ssh (~> 4.0)
      open_uri_redirections (~> 0.2.1)
      pry-byebug (~> 3.4.2)
      rb-readline (~> 0.5.3)
      rsync (~> 1.0.9)
      stringify-hash (~> 0.0)
      thor (~> 0.19)
    beaker-abs (0.9.0)
      beaker (~> 4.0)
      vmfloaty (>= 1.0, < 2)
    beaker-answers (0.29.0)
      hocon (~> 1.0)
      require_all (>= 1.3.2, < 3.1.0)
      stringify-hash (~> 0.0.0)
    beaker-hostgenerator (1.12.0)
      deep_merge (~> 1.0)
    beaker-pe (2.11.17)
      beaker (~> 4.0)
      beaker-abs
      beaker-answers (~> 0.0)
      beaker-puppet (~> 1.0)
      beaker-vmpooler (~> 1.0)
      stringify-hash (~> 0.0.0)
    beaker-puppet (1.23.0)
      beaker (~> 4.1)
      in-parallel (~> 0.1)
      oga
    beaker-puppet_install_helper (0.9.8)
      beaker (~> 4.0)
      beaker-pe (~> 2.0)
    beaker-rspec (6.3.0)
      beaker (> 3.0)
      beaker-pe
      rspec (~> 3.0)
      serverspec (~> 2)
      specinfra (~> 2)
    beaker-vmpooler (1.4.0)
      stringify-hash (~> 0.0.0)
    byebug (9.0.6)
    coderay (1.1.3)
    colorize (0.8.1)
    commander (4.4.6)
      highline (~> 1.7.2)
    concurrent-ruby (1.1.9)
    configatron (3.2.0)
    deep_merge (1.0.1)
    diff-lcs (1.5.0)
    diffy (3.4.0)
    docile (1.3.5)
    ethon (0.12.0)
      ffi (>= 1.3.0)
    facter (2.4.6)
    facterdb (1.12.2)
      facter (< 5.0.0)
      jgrep
    falkorlib (0.8.3)
      activesupport (~> 4.0)
      artii (>= 2.1)
      awesome_print (~> 1.2)
      configatron (~> 3.2)
      deep_merge (~> 1.0.1)
      diffy (>= 3.0)
      facter (~> 2.4.1)
      git_remote_branch (~> 0)
      json (~> 1.8)
      license-generator (~> 0)
      logger (>= 1.2.8)
      minigit (~> 0)
      rake (>= 12.3.3)
      term-ansicolor (~> 1.3)
      thor (>= 0.19)
      thor-zsh_completion
    faraday (0.17.5)
      multipart-post (>= 1.2, < 3)
    faraday_middleware (0.14.0)
      faraday (>= 0.7.4, < 1.0)
    ffi (1.12.2)
    gh (0.15.1)
      addressable (~> 2.4.0)
      backports
      faraday (~> 0.8)
      multi_json (~> 1.0)
      net-http-persistent (~> 2.9)
      net-http-pipeline
    git_remote_branch (0.3.8)
    hiera (3.9.0)
    highline (1.7.10)
    hocon (1.3.1)
    i18n (0.9.5)
      concurrent-ruby (~> 1.0)
    in-parallel (0.1.17)
    inifile (3.0.0)
    jaro_winkler (1.5.4)
    jgrep (1.5.4)
    json (1.8.6)
    json-schema (2.8.1)
      addressable (>= 2.4)
    json_pure (2.5.1)
    launchy (2.4.3)
      addressable (~> 2.3)
    license-generator (0.4.1)
      thor
    logger (1.3.0)
    metadata-json-lint (3.0.1)
      json-schema (~> 2.8)
      spdx-licenses (~> 1.0)
    method_source (1.0.0)
    minigit (0.0.4)
    minitar (0.9)
    minitest (5.12.0)
    mocha (1.14.0)
    multi_json (1.15.0)
    multipart-post (2.1.1)
    net-http-persistent (2.9.4)
    net-http-pipeline (1.0.1)
    net-scp (1.2.1)
      net-ssh (>= 2.6.5)
    net-ssh (4.2.0)
    net-telnet (0.1.1)
    oga (2.15)
      ast
      ruby-ll (~> 2.1)
    open_uri_redirections (0.2.1)
    parallel (1.13.0)
    parser (3.1.2.0)
      ast (~> 2.4.1)
    pathspec (0.2.1)
    powerpack (0.1.3)
    pry (0.14.1)
      coderay (~> 1.1)
      method_source (~> 1.0)
    pry-byebug (3.4.3)
      byebug (>= 9.0, < 9.1)
      pry (~> 0.10)
    puppet (4.4.2)
      facter (> 2.0, < 4)
      hiera (>= 2.0, < 4)
      json_pure
    puppet-lint (2.5.2)
    puppet-lint-absolute_classname-check (3.0.1)
      puppet-lint (>= 1.0, < 3.0)
    puppet-lint-classes_and_types_beginning_with_digits-check (1.0.0)
      puppet-lint (>= 1.0, < 3.0)
    puppet-lint-leading_zero-check (1.0.0)
      puppet-lint (>= 1.0, < 3.0)
    puppet-lint-resource_reference_syntax (1.1.0)
      puppet-lint (>= 1.0, < 3.0)
    puppet-lint-trailing_comma-check (0.4.2)
      puppet-lint (>= 1.0, < 3.0)
    puppet-lint-unquoted_string-check (1.0.0)
      puppet-lint (>= 2.1, < 3.0)
    puppet-lint-version_comparison-check (1.0.0)
      puppet-lint (>= 1.0, < 3.0)
    puppet-syntax (2.6.0)
      rake
    puppetlabs_spec_helper (3.0.0)
      mocha (~> 1.0)
      pathspec (>= 0.2.1, < 1.1.0)
      puppet-lint (~> 2.0)
      puppet-syntax (>= 2.0, < 4)
      rspec-puppet (~> 2.0)
    pusher-client (0.6.2)
      json
      websocket (~> 1.0)
    rainbow (3.0.0)
    rake (12.3.3)
    rb-readline (0.5.5)
    require_all (3.0.0)
    rspec (3.1.0)
      rspec-core (~> 3.1.0)
      rspec-expectations (~> 3.1.0)
      rspec-mocks (~> 3.1.0)
    rspec-core (3.1.7)
      rspec-support (~> 3.1.0)
    rspec-expectations (3.1.2)
      diff-lcs (>= 1.2.0, < 2.0)
      rspec-support (~> 3.1.0)
    rspec-its (1.3.0)
      rspec-core (>= 3.0.0)
      rspec-expectations (>= 3.0.0)
    rspec-mocks (3.1.3)
      rspec-support (~> 3.1.0)
    rspec-puppet (2.11.1)
      rspec
    rspec-puppet-facts (1.10.0)
      facter
      facterdb (>= 0.5.0)
      json
      puppet
    rspec-support (3.1.2)
    rsync (1.0.9)
    rubocop (0.57.2)
      jaro_winkler (~> 1.5.1)
      parallel (~> 1.10)
      parser (>= 2.5)
      powerpack (~> 0.1)
      rainbow (>= 2.2.2, < 4.0)
      ruby-progressbar (~> 1.7)
      unicode-display_width (~> 1.0, >= 1.0.1)
    ruby-ll (2.1.2)
      ansi
      ast
    ruby-progressbar (1.11.0)
    semantic_puppet (1.0.4)
    serverspec (2.42.0)
      multi_json
      rspec (~> 3.0)
      rspec-its
      specinfra (~> 2.72)
    sfl (2.3)
    simplecov (0.17.1)
      docile (~> 1.1)
      json (>= 1.8, < 3)
      simplecov-html (~> 0.10.0)
    simplecov-console (0.9.1)
      ansi
      simplecov
      terminal-table
    simplecov-html (0.10.2)
    spdx-licenses (1.3.0)
    specinfra (2.83.2)
      net-scp
      net-ssh (>= 2.7)
      net-telnet (= 0.1.1)
      sfl
    stringify-hash (0.0.2)
    sync (0.5.0)
    term-ansicolor (1.7.1)
      tins (~> 1.0)
    terminal-table (3.0.2)
      unicode-display_width (>= 1.1.1, < 3)
    thor (0.20.3)
    thor-zsh_completion (0.1.9)
      thor (< 2)
    thread_safe (0.3.6)
    tins (1.31.0)
      sync
    travis (1.8.13)
      backports
      faraday (~> 0.9)
      faraday_middleware (~> 0.9, >= 0.9.1)
      gh (~> 0.13)
      highline (~> 1.6)
      launchy (~> 2.1)
      pusher-client (~> 0.4)
      typhoeus (~> 0.6, >= 0.6.8)
    travis-lint (2.0.0)
      json
    typhoeus (0.8.0)
      ethon (>= 0.8.0)
    tzinfo (1.2.10)
      thread_safe (~> 0.1)
    unicode-display_width (1.8.0)
    vmfloaty (1.3.0)
      colorize (~> 0.8.1)
      commander (>= 4.4.3, < 4.6.0)
      faraday (~> 0.17.0)
    websocket (1.2.9)

PLATFORMS
  ruby
  x86_64-linux

DEPENDENCIES
  beaker
  beaker-puppet_install_helper
  beaker-rspec
  falkorlib
  metadata-json-lint
  puppet (~> 4.4.0)
  puppet-lint-absolute_classname-check
  puppet-lint-classes_and_types_beginning_with_digits-check
  puppet-lint-leading_zero-check
  puppet-lint-resource_reference_syntax
  puppet-lint-trailing_comma-check
  puppet-lint-unquoted_string-check
  puppet-lint-version_comparison-check
  puppetlabs_spec_helper
  rake
  rspec (< 3.2.0)
  rspec-puppet
  rspec-puppet-facts
  rubocop (~> 0.51)
  semantic_puppet
  simplecov (>= 0.11.0)
  simplecov-console
  travis
  travis-lint

BUNDLED WITH
   1.17.3
